GEM
  remote: https://rubygems.org/
  specs:
    glu (8.2.2)
    glut (8.2.2)
    opengl (0.9.2)
    wavefront (0.1.2)

PLATFORMS
  ruby

DEPENDENCIES
  glu
  glut
  opengl
  wavefront
